GEM
  remote: https://rubygems.org/
  specs:
    builder (3.2.2)
    childprocess (0.5.8)
      ffi (~> 1.0, >= 1.0.11)
    cucumber (2.1.0)
      builder (>= 2.1.2)
      cucumber-core (~> 1.3.0)
      diff-lcs (>= 1.1.3)
      gherkin3 (~> 3.1.0)
      multi_json (>= 1.7.5, < 2.0)
      multi_test (>= 0.1.2)
    cucumber-core (1.3.0)
      gherkin3 (~> 3.1.0)
    diff-lcs (1.2.5)
    ffi (1.9.10)
    ffi (1.9.10-x64-mingw32)
    ffi (1.9.10-x86-mingw32)
    gherkin3 (3.1.2)
    multi_json (1.11.2)
    multi_test (0.1.2)
    rake (11.3.0)
    rspec (3.1.0)
      rspec-core (~> 3.1.0)
      rspec-expectations (~> 3.1.0)
      rspec-mocks (~> 3.1.0)
    rspec-core (3.1.7)
      rspec-support (~> 3.1.0)
    rspec-expectations (3.1.2)
      diff-lcs (>= 1.2.0, < 2.0)
      rspec-support (~> 3.1.0)
    rspec-mocks (3.1.3)
      rspec-support (~> 3.1.0)
    rspec-support (3.1.2)
    ruby-debug-ide (0.6.0)
      rake (>= 0.8.1)
    rubyzip (1.1.7)
    selenium-webdriver (2.48.1)
      childprocess (~> 0.5)
      multi_json (~> 1.0)
      rubyzip (~> 1.0)
      websocket (~> 1.0)
    watir-webdriver (0.8.0)
      selenium-webdriver (>= 2.46.2)
    websocket (1.2.2)

PLATFORMS
  ruby
  x64-mingw32
  x86-mingw32

DEPENDENCIES
  cucumber
  rspec (= 3.1.0)
  ruby-debug-ide
  watir-webdriver (= 0.8.0)

RUBY VERSION
   ruby 2.2.5p319

BUNDLED WITH
   1.13.6
